GEM
  remote: https://rubygems.org/
  specs:
    httpclient (2.8.3)
    json (2.3.1)
    msgpack (1.3.3)
    td-client (1.0.7)
      httpclient (>= 2.7)
      msgpack (>= 0.5.6, < 2)

PLATFORMS
  ruby

DEPENDENCIES
  json
  td-client

BUNDLED WITH
   2.1.4
